GEM
  remote: https://rubygems.org/
  specs:
    mysql2 (0.5.5)

PLATFORMS
  x64-mingw-ucrt

DEPENDENCIES
  mysql2 (~> 0.5.5)

RUBY VERSION
   ruby 3.1.4p223

BUNDLED WITH
   2.4.19
